PATH
  remote: .
  specs:
    crystalball_prophecy (0.1.0)
      helix_runtime (~> 0.7.5)

GEM
  remote: https://rubygems.org/
  specs:
    diff-lcs (1.3)
    helix_runtime (0.7.5)
      rake (>= 10.0)
      thor (>= 0.19.4, < 2.0)
      tomlrb (~> 1.2.4)
    io-console (0.5.6)
    irb (1.2.3)
      reline (>= 0.0.1)
    rake (13.0.1)
    reline (0.1.3)
      io-console (~> 0.5)
    rspec (3.9.0)
      rspec-core (~> 3.9.0)
      rspec-expectations (~> 3.9.0)
      rspec-mocks (~> 3.9.0)
    rspec-core (3.9.2)
      rspec-support (~> 3.9.3)
    rspec-expectations (3.9.2)
      diff-lcs (>= 1.2.0, < 2.0)
      rspec-support (~> 3.9.0)
    rspec-mocks (3.9.1)
      diff-lcs (>= 1.2.0, < 2.0)
      rspec-support (~> 3.9.0)
    rspec-support (3.9.3)
    thor (1.0.1)
    tomlrb (1.2.9)

PLATFORMS
  ruby

DEPENDENCIES
  crystalball_prophecy!
  irb
  rspec (~> 3.9.0)

BUNDLED WITH
   2.1.4
